GEM
  remote: https://rubygems.org/
  specs:
    aws-sdk (2.1.29)
      aws-sdk-resources (= 2.1.29)
    aws-sdk-core (2.1.29)
      jmespath (~> 1.0)
    aws-sdk-resources (2.1.29)
      aws-sdk-core (= 2.1.29)
    aws-sdk-v1 (1.66.0)
      json (~> 1.4)
      nokogiri (>= 1.4.4)
    daemons (1.2.3)
    jmespath (1.1.3)
    json (1.8.3)
    newrelic_plugin (1.3.1)
      json
    nokogiri (1.5.9)

PLATFORMS
  ruby

DEPENDENCIES
  aws-sdk (~> 2)
  aws-sdk-v1
  daemons
  newrelic_plugin (~> 1.3.0)
  nokogiri (<= 1.5.9)

BUNDLED WITH
   1.11.2
